GEM
  remote: https://rubygems.org/
  specs:
    json (1.8.3)
    silkroad (0.1.0)
    sqlite3 (1.3.11-x64-mingw32)

PLATFORMS
  x64-mingw32

DEPENDENCIES
  json
  silkroad
  sqlite3

BUNDLED WITH
   1.10.6
